GEM
  remote: https://rubygems.org/
  specs:
    minitest (5.22.3)
    rake (13.1.0)

PLATFORMS
  ruby
  x86_64-darwin-22

DEPENDENCIES
  minitest
  rake

BUNDLED WITH
   2.3.3
